PATH
  remote: .
  specs:
    validate_me (1.0.0)
      activerecord (>= 4.0.0)

GEM
  remote: https://rubygems.org/
  specs:
    activemodel (7.0.4.3)
      activesupport (= 7.0.4.3)
    activerecord (7.0.4.3)
      activemodel (= 7.0.4.3)
      activesupport (= 7.0.4.3)
    activesupport (7.0.4.3)
      concurrent-ruby (~> 1.0, >= 1.0.2)
      i18n (>= 1.6, < 2)
      minitest (>= 5.1)
      tzinfo (~> 2.0)
    concurrent-ruby (1.2.2)
    i18n (1.12.0)
      concurrent-ruby (~> 1.0)
    minitest (5.14.4)
    rake (13.0.3)
    sqlite3 (1.4.2)
    tzinfo (2.0.6)
      concurrent-ruby (~> 1.0)

PLATFORMS
  arm64-darwin-20
  x86_64-linux

DEPENDENCIES
  bundler (= 2.2.22)
  minitest (= 5.14.4)
  rake (= 13.0.3)
  sqlite3 (= 1.4.2)
  validate_me!

BUNDLED WITH
   2.2.22
